PATH
  remote: .
  specs:
    peatio-thought (2.6.3)
      activesupport (~> 5.2.3)
      better-faraday (~> 1.0.5)
      faraday (~> 0.17)
      memoist (~> 0.16.0)
      net-http-persistent (~> 3.0.1)
      peatio (>= 0.6.3)

GEM
  remote: https://rubygems.org/
  specs:
    activemodel (5.2.4.4)
      activesupport (= 5.2.4.4)
    activesupport (5.2.4.4)
      concurrent-ruby (~> 1.0, >= 1.0.2)
      i18n (>= 0.7, < 2)
      minitest (~> 5.1)
      tzinfo (~> 1.1)
    addressable (2.7.0)
      public_suffix (>= 2.0.2, < 5.0)
    amq-protocol (2.3.2)
    amqp (1.8.0)
      amq-protocol (>= 2.2.0)
      eventmachine
    ast (2.4.1)
    better-faraday (1.0.8)
      activesupport (>= 4.0, < 6.0)
      faraday (~> 0.12)
    bunny (2.17.0)
      amq-protocol (~> 2.3, >= 2.3.1)
    byebug (11.1.3)
    clamp (1.3.2)
    coderay (1.1.3)
    concurrent-ruby (1.1.7)
    connection_pool (2.2.3)
    cookiejar (0.3.3)
    crack (0.4.4)
    daemons (1.3.1)
    diff-lcs (1.4.4)
    docile (1.3.2)
    em-http-request (1.1.7)
      addressable (>= 2.3.4)
      cookiejar (!= 0.3.1)
      em-socksify (>= 0.3)
      eventmachine (>= 1.0.3)
      http_parser.rb (>= 0.6.0)
    em-socksify (0.3.2)
      eventmachine (>= 1.0.0.beta.4)
    em-synchrony (1.0.6)
      eventmachine (>= 1.0.0.beta.1)
    em-websocket (0.5.2)
      eventmachine (>= 0.12.9)
      http_parser.rb (~> 0.6.0)
    eventmachine (1.2.7)
    faraday (0.17.3)
      multipart-post (>= 1.2, < 3)
    faraday_middleware (0.13.1)
      faraday (>= 0.7.4, < 1.0)
    faye (1.4.0)
      cookiejar (>= 0.3.0)
      em-http-request (>= 1.1.6)
      eventmachine (>= 0.12.0)
      faye-websocket (>= 0.11.0)
      multi_json (>= 1.0.0)
      rack (>= 1.0.0)
      websocket-driver (>= 0.5.1)
    faye-websocket (0.11.0)
      eventmachine (>= 0.12.0)
      websocket-driver (>= 0.5.1)
    hashdiff (1.0.1)
    http_parser.rb (0.6.0)
    i18n (1.8.5)
      concurrent-ruby (~> 1.0)
    io-console (0.5.6)
    irb (1.2.7)
      reline (>= 0.1.5)
    jaro_winkler (1.5.4)
    jwt (2.2.2)
    memoist (0.16.2)
    method_source (1.0.0)
    minitest (5.14.2)
    mocha (1.11.2)
    multi_json (1.15.0)
    multipart-post (2.1.1)
    mysql2 (0.5.3)
    net-http-persistent (3.0.1)
      connection_pool (~> 2.2)
    parallel (1.20.0)
    parser (2.7.2.0)
      ast (~> 2.4.1)
    peatio (2.6.2)
      activemodel (> 5.2, <= 6.0.0)
      amqp
      bunny
      clamp
      em-synchrony (~> 1.0)
      em-websocket
      eventmachine
      faraday_middleware (~> 0.13.1)
      faye (~> 1.2)
      jwt
      mysql2
      prometheus-client
      thin
    prometheus-client (2.1.0)
    pry (0.13.1)
      coderay (~> 1.1)
      method_source (~> 1.0)
    pry-byebug (3.9.0)
      byebug (~> 11.0)
      pry (~> 0.13.0)
    public_suffix (4.0.6)
    rack (2.2.3)
    rainbow (3.0.0)
    rake (13.0.1)
    reline (0.1.8)
      io-console (~> 0.5)
    rexml (3.2.4)
    rspec (3.10.0)
      rspec-core (~> 3.10.0)
      rspec-expectations (~> 3.10.0)
      rspec-mocks (~> 3.10.0)
    rspec-core (3.10.0)
      rspec-support (~> 3.10.0)
    rspec-expectations (3.10.0)
      diff-lcs (>= 1.2.0, < 2.0)
      rspec-support (~> 3.10.0)
    rspec-mocks (3.10.0)
      diff-lcs (>= 1.2.0, < 2.0)
      rspec-support (~> 3.10.0)
    rspec-support (3.10.0)
    rubocop (0.82.0)
      jaro_winkler (~> 1.5.1)
      parallel (~> 1.10)
      parser (>= 2.7.0.1)
      rainbow (>= 2.2.2, < 4.0)
      rexml
      ruby-progressbar (~> 1.7)
      unicode-display_width (>= 1.4.0, < 2.0)
    rubocop-github (0.16.0)
      rubocop (<= 0.82.0)
      rubocop-performance (~> 1.0)
      rubocop-rails (~> 2.0)
    rubocop-performance (1.7.1)
      rubocop (>= 0.82.0)
    rubocop-rails (2.6.0)
      activesupport (>= 4.2.0)
      rack (>= 1.1)
      rubocop (>= 0.82.0)
    ruby-progressbar (1.10.1)
    simplecov (0.19.1)
      docile (~> 1.1)
      simplecov-html (~> 0.11)
    simplecov-html (0.12.3)
    thin (1.8.0)
      daemons (~> 1.0, >= 1.0.9)
      eventmachine (~> 1.0, >= 1.0.4)
      rack (>= 1, < 3)
    thread_safe (0.3.6)
    tzinfo (1.2.8)
      thread_safe (~> 0.1)
    unicode-display_width (1.7.0)
    webmock (3.10.0)
      addressable (>= 2.3.6)
      crack (>= 0.3.2)
      hashdiff (>= 0.4.0, < 2.0.0)
    websocket-driver (0.7.3)
      websocket-extensions (>= 0.1.0)
    websocket-extensions (0.1.5)

PLATFORMS
  ruby

DEPENDENCIES
  bundler (~> 2.1.3)
  irb
  mocha (~> 1.8)
  peatio-thought!
  pry-byebug
  rake (~> 13.0)
  rspec (~> 3.0)
  rubocop-github
  simplecov
  webmock (~> 3.5)

BUNDLED WITH
   2.1.4
